GIT
  remote: https://github.com/discourse/translations-manager.git
  revision: 04d4a7317fc4e2e0872960a969a12efa727b3db0
  specs:
    translations-manager (0.2.1)

GEM
  remote: https://rubygems.org/
  specs:

PLATFORMS
  ruby

DEPENDENCIES
  translations-manager!

BUNDLED WITH
   1.16.1
